GEM
  remote: https://rubygems.org/
  specs:
    gabbler (0.1.0)

PLATFORMS
  ruby

DEPENDENCIES
  gabbler

BUNDLED WITH
   1.13.6
