GEM
  remote: https://rubygems.org/
  specs:
    domain_name (0.5.25)
      unf (>= 0.0.5, < 1.0.0)
    gabbler (0.1.0)
    get_process_mem (0.2.1)
    http-cookie (1.0.2)
      domain_name (~> 0.5)
    mime-types (2.99.1)
    netrc (0.11.0)
    rest-client (1.8.0)
      http-cookie (>= 1.0.2, < 2.0)
      mime-types (>= 1.16, < 3.0)
      netrc (~> 0.7)
    unf (0.1.4)
      unf_ext
    unf_ext (0.0.7.5)

PLATFORMS
  ruby

DEPENDENCIES
  gabbler
  get_process_mem
  rest-client

BUNDLED WITH
   1.14.6
